PATH
  remote: .
  specs:
    pantoglot (0.1.0)
      github-linguist (~> 6.0.1)

GEM
  remote: https://rubygems.org/
  specs:
    charlock_holmes (0.7.7)
    escape_utils (1.2.2)
    github-linguist (6.0.1)
      charlock_holmes (~> 0.7.5)
      escape_utils (~> 1.2.0)
      mime-types (>= 1.19)
      rugged (>= 0.25.1)
    mime-types (3.4.1)
      mime-types-data (~> 3.2015)
    mime-types-data (3.2023.0218.1)
    rake (13.0.6)
    rugged (1.6.3)

PLATFORMS
  ruby

DEPENDENCIES
  bundler (~> 1.16)
  pantoglot!
  rake (~> 13.0)

BUNDLED WITH
   1.16.1
